PATH
  remote: .
  specs:
    dynamoid (0.7.1)
      activemodel (>= 3)
      aws-sdk-resources (~> 2)
      concurrent-ruby (~> 1)

GEM
  remote: http://www.rubygems.org/
  specs:
    activemodel (4.2.5)
      activesupport (= 4.2.5)
      builder (~> 3.1)
    activesupport (4.2.5)
      i18n (~> 0.7)
      json (~> 1.7, >= 1.7.7)
      minitest (~> 5.1)
      thread_safe (~> 0.3, >= 0.3.4)
      tzinfo (~> 1.1)
    aws-sdk-core (2.2.0)
      jmespath (~> 1.0)
    aws-sdk-resources (2.2.0)
      aws-sdk-core (= 2.2.0)
    builder (3.2.2)
    coderay (1.1.0)
    concurrent-ruby (1.0.0)
    diff-lcs (1.2.5)
    github-markup (1.4.0)
    i18n (0.7.0)
    jmespath (1.1.3)
    json (1.8.3)
    method_source (0.8.2)
    minitest (5.8.3)
    pry (0.10.2)
      coderay (~> 1.1.0)
      method_source (~> 0.8.1)
      slop (~> 3.4)
    rake (10.4.2)
    rspec (3.3.0)
      rspec-core (~> 3.3.0)
      rspec-expectations (~> 3.3.0)
      rspec-mocks (~> 3.3.0)
    rspec-core (3.3.2)
      rspec-support (~> 3.3.0)
    rspec-expectations (3.3.1)
      diff-lcs (>= 1.2.0, < 2.0)
      rspec-support (~> 3.3.0)
    rspec-mocks (3.3.2)
      diff-lcs (>= 1.2.0, < 2.0)
      rspec-support (~> 3.3.0)
    rspec-support (3.3.0)
    slop (3.6.0)
    thread_safe (0.3.5)
    tzinfo (1.2.2)
      thread_safe (~> 0.1)
    yard (0.8.7.6)

PLATFORMS
  ruby

DEPENDENCIES
  bundler
  dynamoid!
  github-markup
  pry
  rake
  rspec (~> 3)
  yard

BUNDLED WITH
   1.10.6
