PATH
  remote: .
  specs:
    dynamoid (1.3.1)
      activemodel (>= 4)
      aws-sdk-resources (~> 2)
      concurrent-ruby (>= 1.0)

GEM
  remote: https://rubygems.org/
  specs:
    activemodel (4.2.5)
      activesupport (= 4.2.5)
      builder (~> 3.1)
    activesupport (4.2.5)
      i18n (~> 0.7)
      json (~> 1.7, >= 1.7.7)
      minitest (~> 5.1)
      thread_safe (~> 0.3, >= 0.3.4)
      tzinfo (~> 1.1)
    appraisal (2.1.0)
      bundler
      rake
      thor (>= 0.14.0)
    aws-sdk-core (2.9.7)
      aws-sigv4 (~> 1.0)
      jmespath (~> 1.0)
    aws-sdk-resources (2.9.7)
      aws-sdk-core (= 2.9.7)
    aws-sigv4 (1.0.0)
    builder (3.2.3)
    coderay (1.1.0)
    concurrent-ruby (1.0.5)
    coveralls (0.8.20)
      json (>= 1.8, < 3)
      simplecov (~> 0.14.1)
      term-ansicolor (~> 1.3)
      thor (~> 0.19.4)
      tins (~> 1.6)
    diff-lcs (1.2.5)
    docile (1.1.5)
    i18n (0.7.0)
    jmespath (1.3.1)
    json (1.8.3)
    method_source (0.8.2)
    minitest (5.8.3)
    pry (0.10.2)
      coderay (~> 1.1.0)
      method_source (~> 0.8.1)
      slop (~> 3.4)
    rake (12.0.0)
    rspec (3.3.0)
      rspec-core (~> 3.3.0)
      rspec-expectations (~> 3.3.0)
      rspec-mocks (~> 3.3.0)
    rspec-core (3.3.2)
      rspec-support (~> 3.3.0)
    rspec-expectations (3.3.1)
      diff-lcs (>= 1.2.0, < 2.0)
      rspec-support (~> 3.3.0)
    rspec-mocks (3.3.2)
      diff-lcs (>= 1.2.0, < 2.0)
      rspec-support (~> 3.3.0)
    rspec-retry (0.5.3)
      rspec-core (> 3.3, < 3.6)
    rspec-support (3.3.0)
    simplecov (0.14.1)
      docile (~> 1.1.0)
      json (>= 1.8, < 3)
      simplecov-html (~> 0.10.0)
    simplecov-html (0.10.0)
    slop (3.6.0)
    term-ansicolor (1.6.0)
      tins (~> 1.0)
    thor (0.19.4)
    thread_safe (0.3.5)
    tins (1.13.2)
    tzinfo (1.2.2)
      thread_safe (~> 0.1)
    wwtd (1.3.0)
    yard (0.8.7.6)

PLATFORMS
  ruby

DEPENDENCIES
  activesupport (>= 4)
  appraisal (~> 2.1)
  bundler (~> 1.14)
  coveralls
  dynamoid!
  pry (~> 0.10)
  rake (~> 12.0)
  rspec (~> 3.0)
  rspec-retry
  wwtd (~> 1.3)
  yard

BUNDLED WITH
   1.14.6
